PATH
  remote: .
  specs:
    golds-tools (0.0.1)

GEM
  remote: https://rubygems.org/
  specs:

PLATFORMS
  ruby

DEPENDENCIES
  bundler (~> 1.15)
  golds-tools!

BUNDLED WITH
   1.15.4
