PATH
  remote: .
  specs:
    golds-tools (0.0.1)
      thor (~> 0)

GEM
  remote: https://rubygems.org/
  specs:
    thor (0.20.0)

PLATFORMS
  ruby

DEPENDENCIES
  bundler (~> 1.15)
  golds-tools!

BUNDLED WITH
   1.15.4
